PATH
  remote: .
  specs:
    vndb (0.1.0)
      sorbet-runtime

GEM
  remote: https://rubygems.org/
  specs:
    ast (2.4.0)
    byebug (11.0.1)
    coderay (1.1.2)
    jaro_winkler (1.5.3)
    method_source (0.9.2)
    minitest (5.11.3)
    parallel (1.17.0)
    parser (2.6.3.0)
      ast (~> 2.4.0)
    pry (0.12.2)
      coderay (~> 1.1.0)
      method_source (~> 0.9.0)
    pry-byebug (3.7.0)
      byebug (~> 11.0)
      pry (~> 0.10)
    rainbow (3.0.0)
    rake (10.5.0)
    relaxed-rubocop (2.4)
    rubocop (0.74.0)
      jaro_winkler (~> 1.5.1)
      parallel (~> 1.10)
      parser (>= 2.6)
      rainbow (>= 2.2.2, < 4.0)
      ruby-progressbar (~> 1.7)
      unicode-display_width (>= 1.4.0, < 1.7)
    ruby-progressbar (1.10.1)
    sorbet (0.4.4703)
      sorbet-static (= 0.4.4703)
    sorbet-runtime (0.4.4703)
    sorbet-static (0.4.4703-universal-darwin-14)
    spy (1.0.0)
    unicode-display_width (1.6.0)

PLATFORMS
  ruby

DEPENDENCIES
  bundler (~> 2.0)
  minitest (~> 5.0)
  pry
  pry-byebug
  rake (~> 10.0)
  relaxed-rubocop
  rubocop
  sorbet
  spy
  vndb!

BUNDLED WITH
   2.0.2
